GEM
  remote: https://rubygems.org/
  specs:
    rspec-core (2.14.8)

PLATFORMS
  ruby

DEPENDENCIES
  rspec-core (~> 2.14.8)
