GEM
  remote: https://rubygems.org/
  specs:
    diff-lcs (1.2.5)
    rspec-core (2.14.8)
    rspec-expectations (2.14.5)
      diff-lcs (>= 1.1.3, < 2.0)

PLATFORMS
  ruby

DEPENDENCIES
  rspec-core (~> 2.14.8)
  rspec-expectations (~> 2.14.5)
